GEM
  remote: http://rubygems.org/
  specs:
    rack (1.6.4)

PLATFORMS
  x86-mingw32

DEPENDENCIES
  rack

BUNDLED WITH
   1.11.2
